GEM
  remote: https://rubygems.org/
  specs:
    gaminator (0.0.6)

PLATFORMS
  ruby

DEPENDENCIES
  gaminator
